GIT
  remote: https://github.com/Bushido/bushidogem.git
  revision: c478ff42ea3e4a802efd502b20f7b1c3c01bc5aa
  specs:
    bushido (0.0.35)
      highline (>= 1.6.1)
      json (>= 1.4.6)
      orm_adapter (~> 0.0.3)
      rest-client (>= 1.6.1)

GIT
  remote: https://github.com/Bushido/devise_cas_authenticatable.git
  revision: 0b62be8c42860193728eafa2e5578c9958f5e2c8
  specs:
    devise_bushido_authenticatable (1.0.0)
      devise (>= 1.0.6)
      rubycas-client (>= 2.2.1)

GIT
  remote: https://github.com/Bushido/tane.git
  revision: 5acb4620c4741f71748204792a5e6ca312588b74
  specs:
    tane (0.0.1)
      awesome_print
      erubis
      highline
      rake
      rest-client

GIT
  remote: https://github.com/chriseppstein/compass.git
  revision: 7d22d3668c30eb920c559888c37a922a227cc06a
  branch: master
  specs:
    compass (0.12.alpha.2.7d22d36)
      chunky_png (~> 1.2)
      fssm (>= 0.2.7)
      sass (~> 3.1)

GIT
  remote: https://github.com/pivotal/jasmine-gem.git
  revision: 5a7524ae9eaea4fe106a7aaa90ccfb1bc137abe7
  branch: 1.2.rc1
  specs:
    jasmine (1.2.0.rc1)
      jasmine-core (>= 1.2.0.rc1)
      rack (>= 1.1)
      rspec (>= 1.3.1)
      selenium-webdriver (>= 0.1.3)

GEM
  remote: http://rubygems.org/
  specs:
    actionmailer (3.1.3)
      actionpack (= 3.1.3)
      mail (~> 2.3.0)
    actionpack (3.1.3)
      activemodel (= 3.1.3)
      activesupport (= 3.1.3)
      builder (~> 3.0.0)
      erubis (~> 2.7.0)
      i18n (~> 0.6)
      rack (~> 1.3.5)
      rack-cache (~> 1.1)
      rack-mount (~> 0.8.2)
      rack-test (~> 0.6.1)
      sprockets (~> 2.0.3)
    activemodel (3.1.3)
      activesupport (= 3.1.3)
      builder (~> 3.0.0)
      i18n (~> 0.6)
    activerecord (3.1.3)
      activemodel (= 3.1.3)
      activesupport (= 3.1.3)
      arel (~> 2.2.1)
      tzinfo (~> 0.3.29)
    activeresource (3.1.3)
      activemodel (= 3.1.3)
      activesupport (= 3.1.3)
    activesupport (3.1.3)
      multi_json (~> 1.0)
    ansi (1.4.1)
    arel (2.2.1)
    awesome_print (1.0.1)
    aws-s3 (0.6.2)
      builder
      mime-types
      xml-simple
    bcrypt-ruby (3.0.1)
    builder (3.0.0)
    childprocess (0.2.3)
      ffi (~> 1.0.6)
    chunky_png (1.2.5)
    cocaine (0.2.0)
    coffee-rails (3.1.1)
      coffee-script (>= 2.2.0)
      railties (~> 3.1.0)
    coffee-script (2.2.0)
      coffee-script-source
      execjs
    coffee-script-source (1.1.3)
    devise (1.5.3)
      bcrypt-ruby (~> 3.0)
      orm_adapter (~> 0.0.3)
      warden (~> 1.1)
    diff-lcs (1.1.3)
    erubis (2.7.0)
    execjs (1.2.12)
      multi_json (~> 1.0)
    factory_girl (2.3.2)
      activesupport
    factory_girl_rails (1.4.0)
      factory_girl (~> 2.3.0)
      railties (>= 3.0.0)
    ffi (1.0.11)
    fssm (0.2.7)
    haml (3.1.4)
    haml-rails (0.3.4)
      actionpack (~> 3.0)
      activesupport (~> 3.0)
      haml (~> 3.0)
      railties (~> 3.0)
    highline (1.6.8)
    hike (1.2.1)
    i18n (0.6.0)
    jasmine-core (1.2.0.rc1)
    jquery-rails (1.0.19)
      railties (~> 3.0)
      thor (~> 0.14)
    json (1.6.3)
    mail (2.3.0)
      i18n (>= 0.4.0)
      mime-types (~> 1.16)
      treetop (~> 1.4.8)
    mime-types (1.17.2)
    multi_json (1.0.4)
    orm_adapter (0.0.5)
    paperclip (2.4.5)
      activerecord (>= 2.3.0)
      activesupport (>= 2.3.2)
      cocaine (>= 0.0.2)
      mime-types
    polyglot (0.3.3)
    rack (1.3.5)
    rack-cache (1.1)
      rack (>= 0.4)
    rack-mount (0.8.3)
      rack (>= 1.0.0)
    rack-ssl (1.3.2)
      rack
    rack-test (0.6.1)
      rack (>= 1.0)
    rails (3.1.3)
      actionmailer (= 3.1.3)
      actionpack (= 3.1.3)
      activerecord (= 3.1.3)
      activeresource (= 3.1.3)
      activesupport (= 3.1.3)
      bundler (~> 1.0)
      railties (= 3.1.3)
    railties (3.1.3)
      actionpack (= 3.1.3)
      activesupport (= 3.1.3)
      rack-ssl (~> 1.3.2)
      rake (>= 0.8.7)
      rdoc (~> 3.4)
      thor (~> 0.14.6)
    rake (0.9.2.2)
    rdoc (3.11)
      json (~> 1.4)
    remotipart (1.0.1)
    rest-client (1.6.7)
      mime-types (>= 1.16)
    rspec (2.7.0)
      rspec-core (~> 2.7.0)
      rspec-expectations (~> 2.7.0)
      rspec-mocks (~> 2.7.0)
    rspec-core (2.7.1)
    rspec-expectations (2.7.0)
      diff-lcs (~> 1.1.2)
    rspec-mocks (2.7.0)
    rspec-rails (2.7.0)
      actionpack (~> 3.0)
      activesupport (~> 3.0)
      railties (~> 3.0)
      rspec (~> 2.7.0)
    rubycas-client (2.3.8)
      activesupport
    rubyzip (0.9.5)
    sass (3.1.11)
    sass-rails (3.1.5)
      actionpack (~> 3.1.0)
      railties (~> 3.1.0)
      sass (~> 3.1.10)
      tilt (~> 1.3.2)
    selenium-webdriver (2.15.0)
      childprocess (>= 0.2.1)
      ffi (~> 1.0.9)
      multi_json (~> 1.0.4)
      rubyzip
    sprockets (2.0.3)
      hike (~> 1.2)
      rack (~> 1.0)
      tilt (~> 1.1, != 1.3.0)
    sqlite3 (1.3.5)
    thor (0.14.6)
    tilt (1.3.3)
    treetop (1.4.10)
      polyglot
      polyglot (>= 0.3.1)
    turn (0.8.3)
      ansi
    tzinfo (0.3.31)
    uglifier (1.1.0)
      execjs (>= 0.3.0)
      multi_json (>= 1.0.2)
    warden (1.1.0)
      rack (>= 1.0)
    xml-simple (1.1.1)

PLATFORMS
  ruby

DEPENDENCIES
  awesome_print
  aws-s3
  bushido!
  coffee-rails (~> 3.1.1)
  compass!
  devise_bushido_authenticatable!
  factory_girl_rails
  haml-rails
  jasmine!
  jquery-rails
  paperclip
  rails (= 3.1.3)
  remotipart
  rspec-rails
  sass-rails (~> 3.1.5)
  sqlite3
  tane!
  turn (~> 0.8.3)
  uglifier (>= 1.0.3)
